GIT
  remote: git://github.com/aspiers/guard-minitest.git
  revision: 4b660261d3596b7dd2a9fe135f7ee23ca0c04cc1
  specs:
    guard-minitest (0.4.0)
      guard (~> 0.4)

PATH
  remote: .
  specs:
    xml_hate (1.0.0)
      activesupport
      hashie
      xml-simple

GEM
  remote: http://rubygems.org/
  specs:
    activesupport (3.2.12)
      i18n (~> 0.6)
      multi_json (~> 1.0)
    colorize (0.5.8)
    coveralls (0.6.2)
      colorize
      multi_json (~> 1.3)
      rest-client
      simplecov (>= 0.7)
      thor
    ffi (1.4.0)
    guard (0.10.0)
      ffi (>= 0.5.0)
      thor (~> 0.14.6)
    hashie (2.0.2)
    i18n (0.6.4)
    mime-types (1.21)
    minitest (4.6.2)
    multi_json (1.6.1)
    rake (10.0.3)
    rest-client (1.6.7)
      mime-types (>= 1.16)
    ruby_gntp (0.3.4)
    simplecov (0.7.1)
      multi_json (~> 1.0)
      simplecov-html (~> 0.7.1)
    simplecov-html (0.7.1)
    thor (0.14.6)
    xml-simple (1.1.2)

PLATFORMS
  ruby

DEPENDENCIES
  activesupport
  coveralls
  guard
  guard-minitest!
  hashie
  minitest
  rake
  ruby_gntp
  xml-simple
  xml_hate!
